PATH
  remote: .
  specs:
    jekyll-update-xml (0.0.0)

GEM
  remote: https://rubygems.org/
  specs:
    builder (3.2.3)

PLATFORMS
  ruby

DEPENDENCIES
  builder (~> 3.2, >= 3.2.3)
  jekyll-update-xml!

BUNDLED WITH
   2.0.1
